GEM
  remote: https://rubygems.org/
  specs:
    chunky_png (1.3.3)
    compass (0.12.7)
      chunky_png (~> 1.2)
      fssm (>= 0.2.7)
      sass (~> 3.2.19)
    font-awesome-sass (4.2.2)
      sass (~> 3.2)
    fssm (0.2.10)
    haml (4.0.5)
      tilt
    hike (1.2.3)
    multi_json (1.10.1)
    rack (1.5.2)
    rack-protection (1.5.3)
      rack
    sass (3.2.19)
    shotgun (0.9)
      rack (>= 1.0)
    sinatra (1.4.5)
      rack (~> 1.4)
      rack-protection (~> 1.4)
      tilt (~> 1.3, >= 1.3.4)
    sprockets (2.12.1)
      hike (~> 1.2)
      multi_json (~> 1.0)
      rack (~> 1.0)
      tilt (~> 1.1, != 1.3.0)
    sprockets-helpers (1.1.0)
      sprockets (~> 2.0)
    sprockets-sass (1.3.0)
      sprockets (~> 2.0)
      tilt (~> 1.1)
    tilt (1.4.1)

PLATFORMS
  ruby

DEPENDENCIES
  compass
  font-awesome-sass
  haml
  sass
  shotgun
  sinatra
  sprockets
  sprockets-helpers
  sprockets-sass
